PATH
  remote: ../..
  specs:
    mini-rails (0.0.1)

GEM
  remote: https://rubygems.org/
  specs:
    minitest (5.15.0)
    rake (10.5.0)
    sqlite3 (1.4.2)

PLATFORMS
  arm64-darwin-21

DEPENDENCIES
  bundler (~> 2.3)
  mini-rails!
  minitest (~> 5.0)
  rake (~> 10.0)
  sqlite3

RUBY VERSION
   ruby 3.1.1p18

BUNDLED WITH
   2.3.10
